GEM
  remote: https://ruby.taobao.org/
  specs:
    amq-protocol (2.0.0)
    backports (3.6.4)
    bunny (2.2.1)
      amq-protocol (>= 2.0.0)
    daemons (1.2.2)
    eventmachine (1.0.7)
    json (1.8.3)
    multi_json (1.11.0)
    rack (1.6.1)
    rack-protection (1.5.3)
      rack
    rack-test (0.6.3)
      rack (>= 1.0)
    racksh (1.0.0)
      rack (>= 1.0)
      rack-test (>= 0.5)
    rake (10.4.2)
    redis (3.2.2)
    serverengine (1.5.11)
      sigdump (~> 0.2.2)
    shotgun (0.9.1)
      rack (>= 1.0)
    sigdump (0.2.3)
    sinatra (1.4.6)
      rack (~> 1.4)
      rack-protection (~> 1.4)
      tilt (>= 1.3, < 3)
    sinatra-contrib (1.4.2)
      backports (>= 2.0)
      multi_json
      rack-protection
      rack-test
      sinatra (~> 1.4.0)
      tilt (~> 1.3)
    sneakers (2.3.5)
      bunny (~> 2.2.0)
      serverengine (~> 1.5.11)
      thor
      thread (~> 0.1.7)
    thin (1.6.3)
      daemons (~> 1.0, >= 1.0.9)
      eventmachine (~> 1.0)
      rack (~> 1.0)
    thor (0.19.1)
    thread (0.1.7)
    tilt (1.4.1)

PLATFORMS
  ruby

DEPENDENCIES
  bunny
  json
  racksh
  rake
  redis
  shotgun
  sinatra
  sinatra-contrib
  sneakers
  thin

BUNDLED WITH
   1.10.6
